GEM
  remote: http://rubygems.org/
  specs:
    hoe (3.12.0)
      rake (>= 0.8, < 11.0)
    hoe-gemspec (1.0.0)
      hoe (>= 2.2.0)
      hoe (>= 2.2.0)
      hoe (>= 2.2.0)
      hoe (>= 2.2.0)
      hoe (>= 2.2.0)
      hoe (>= 2.2.0)
      hoe (>= 2.2.0)
      hoe (>= 2.2.0)
      hoe (>= 2.2.0)
      hoe (>= 2.2.0)
      hoe (>= 2.2.0)
      hoe (>= 2.2.0)
      hoe (>= 2.2.0)
      hoe (>= 2.2.0)
      hoe (>= 2.2.0)
      hoe (>= 2.2.0)
      hoe (>= 2.2.0)
      hoe (>= 2.2.0)
      hoe (>= 2.2.0)
      hoe (>= 2.2.0)
      hoe (>= 2.2.0)
      hoe (>= 2.2.0)
      hoe (>= 2.2.0)
      hoe (>= 2.2.0)
      hoe (>= 2.2.0)
      hoe (>= 2.2.0)
      hoe (>= 2.2.0)
      hoe (>= 2.2.0)
      hoe (>= 2.2.0)
      hoe (>= 2.2.0)
      hoe (>= 2.2.0)
      hoe (>= 2.2.0)
      hoe (>= 2.2.0)
      hoe (>= 2.2.0)
      hoe (>= 2.2.0)
    hpricot (0.8.6)
    rake (10.3.2)
    simple-rss (1.3.1)

PLATFORMS
  ruby

DEPENDENCIES
  hoe
  hoe-gemspec
  hpricot
  simple-rss
